GEM
  remote: http://rubygems.org/
  specs:
    atomic (1.0.0)
    atomic (1.0.0-java)
    awesome_print (1.0.2)
    boson (1.1.1)
    clipboard (1.0.1)
    coderay (1.0.6)
    diff-lcs (1.1.3)
    every_day_irb (1.2.2)
    facter (1.6.8)
    fancy_irb (0.7.2)
      paint (>= 0.8.1)
      unicode-display_width (>= 0.1.1)
    g (1.6.0)
      ruby_gntp
    hirb (0.6.2)
    interactive_editor (0.0.10)
      spoon (>= 0.0.1)
    irbtools (1.2.2)
      awesome_print (~> 1.0.2)
      boson (~> 1.1.1)
      clipboard (~> 1.0.1)
      coderay (~> 1.0.5)
      every_day_irb (>= 1.2.2)
      fancy_irb (>= 0.7.2)
      g (>= 1.5.0)
      hirb (~> 0.6.1)
      interactive_editor (>= 0.0.10)
      method_locator (>= 0.0.4)
      method_source (>= 0.7.0)
      methodfinder (>= 1.2.5)
      ori (~> 0.1.0)
      paint (>= 0.8.4)
      sketches (>= 0.1.1)
      wirb (>= 0.4.2)
      zucker (>= 12.1)
    json (1.6.6)
    json (1.6.6-java)
    maruku (0.6.0)
      syntax (>= 1.0.0)
    method_locator (0.0.4)
    method_source (0.7.1)
    methodfinder (1.2.5)
    multi_json (1.3.2)
    ori (0.1.0)
    paint (0.8.4)
    rake (0.9.2.2)
    redcarpet (2.1.1)
    rspec (2.6.0)
      rspec-core (~> 2.6.0)
      rspec-expectations (~> 2.6.0)
      rspec-mocks (~> 2.6.0)
    rspec-core (2.6.4)
    rspec-expectations (2.6.0)
      diff-lcs (~> 1.1.2)
    rspec-mocks (2.6.0)
    ruby_gntp (0.3.4)
    simplecov (0.6.2)
      multi_json (~> 1.3)
      simplecov-html (~> 0.5.3)
    simplecov-html (0.5.3)
    sketches (0.1.1)
    spoon (0.0.1)
    statval (0.1.2)
    syntax (1.0.0)
    threadpool (0.1.0.1)
    unicode-display_width (0.1.1)
    wirb (0.4.2)
    yard (0.7.5)
    zucker (12.1)

PLATFORMS
  java
  ruby

DEPENDENCIES
  atomic
  facter
  irbtools
  json (>= 1.6.5)
  maruku
  rake
  redcarpet
  rspec (= 2.6.0)
  simplecov
  statval
  threadpool
  yard
