PATH
  remote: .
  specs:
    andromeda (0.1.3)
      atomic
      facter
      json
      statval
      threadpool

GEM
  remote: http://rubygems.org/
  specs:
    atomic (1.0.1)
    diff-lcs (1.1.3)
    facter (1.6.9)
    json (1.7.3)
    multi_json (1.3.5)
    rake (0.9.2.2)
    redcarpet (2.1.1)
    rspec (2.10.0)
      rspec-core (~> 2.10.0)
      rspec-expectations (~> 2.10.0)
      rspec-mocks (~> 2.10.0)
    rspec-core (2.10.1)
    rspec-expectations (2.10.0)
      diff-lcs (~> 1.1.3)
    rspec-mocks (2.10.1)
    simplecov (0.6.4)
      multi_json (~> 1.0)
      simplecov-html (~> 0.5.3)
    simplecov-html (0.5.3)
    statval (0.1.2)
    threadpool (0.1.0.1)
    yard (0.8.1)

PLATFORMS
  ruby

DEPENDENCIES
  andromeda!
  rake
  redcarpet
  rspec
  simplecov
  yard
