PATH
  remote: .
  specs:
    andromeda (0.1.4)
      atomic
      facter
      json
      statval
      threadpool

GEM
  remote: http://rubygems.org/
  specs:
    atomic (1.0.1)
    atomic (1.0.1-java)
    coderay (1.0.6)
    diff-lcs (1.1.3)
    facter (1.6.9)
    json (1.7.3)
    json (1.7.3-java)
    method_source (0.7.1)
    multi_json (1.3.5)
    pry (0.9.9.6)
      coderay (~> 1.0.5)
      method_source (~> 0.7.1)
      slop (>= 2.4.4, < 3)
    pry (0.9.9.6-java)
      coderay (~> 1.0.5)
      method_source (~> 0.7.1)
      slop (>= 2.4.4, < 3)
      spoon (~> 0.0)
    rake (0.9.2.2)
    redcarpet (2.1.1)
    rspec (2.10.0)
      rspec-core (~> 2.10.0)
      rspec-expectations (~> 2.10.0)
      rspec-mocks (~> 2.10.0)
    rspec-core (2.10.1)
    rspec-expectations (2.10.0)
      diff-lcs (~> 1.1.3)
    rspec-mocks (2.10.1)
    simplecov (0.6.4)
      multi_json (~> 1.0)
      simplecov-html (~> 0.5.3)
    simplecov-html (0.5.3)
    slop (2.4.4)
    spoon (0.0.1)
    statval (0.1.2)
    threadpool (0.1.1)
    yard (0.8.1)

PLATFORMS
  java
  ruby

DEPENDENCIES
  andromeda!
  pry
  rake
  redcarpet
  rspec
  simplecov
  yard
